GEM
  remote: https://rubygems.org/
  specs:
    httpclient (2.8.0)
    mediawiki-butt (0.11.1)
      httpclient (~> 2.8)
    terminal-notifier (1.6.3)

PLATFORMS
  ruby

DEPENDENCIES
  mediawiki-butt (~> 0.11)
  terminal-notifier (~> 1.6)

BUNDLED WITH
   1.11.2
